GIT
  remote: https://github.com/ryotarai/itamae-plugin-resource-cron
  revision: bf7d699dfc20d4440a7fa0ea30938f1de59dfd06
  specs:
    itamae-plugin-resource-cron (0.1.0)
      itamae

GEM
  remote: https://rubygems.org/
  specs:
    ansi (1.5.0)
    hashie (4.1.0)
    itamae (1.10.10)
      ansi
      hashie
      schash (~> 0.1.0)
      specinfra (>= 2.64.0, < 3.0.0)
      thor
    net-scp (3.0.0)
      net-ssh (>= 2.6.5, < 7.0.0)
    net-ssh (6.1.0)
    net-telnet (0.1.1)
    schash (0.1.2)
    sfl (2.3)
    specinfra (2.82.18)
      net-scp
      net-ssh (>= 2.7)
      net-telnet (= 0.1.1)
      sfl
    thor (1.0.1)

PLATFORMS
  ruby

DEPENDENCIES
  itamae
  itamae-plugin-resource-cron!

BUNDLED WITH
   2.1.4
