GEM
  remote: https://rubygems.org/
  specs:
    ansi (1.5.0)
    docker-api (1.34.2)
      excon (>= 0.47.0)
      multi_json
    excon (0.76.0)
    hashie (4.1.0)
    itamae (1.10.10)
      ansi
      hashie
      schash (~> 0.1.0)
      specinfra (>= 2.64.0, < 3.0.0)
      thor
    multi_json (1.15.0)
    net-scp (3.0.0)
      net-ssh (>= 2.6.5, < 7.0.0)
    net-ssh (6.1.0)
    net-telnet (0.1.1)
    schash (0.1.2)
    sfl (2.3)
    specinfra (2.82.19)
      net-scp
      net-ssh (>= 2.7)
      net-telnet (= 0.1.1)
      sfl
    thor (1.0.1)

PLATFORMS
  ruby

DEPENDENCIES
  docker-api
  itamae

BUNDLED WITH
   2.1.4
